REDIRECTS: ON
FRAMEWORK: NET45
NUGET
  remote: https://www.nuget.org/api/v2
  specs:
    FAKE (4.28)
    FsCheck (2.4)
      FSharp.Core (>= 3.1.2.5)
    FsCheck.Nunit (2.4)
      FsCheck (>= 2.4)
      NUnit (>= 2.6.4 < 2.7)
      NUnit.Runners (>= 2.6.4 < 2.7)
    FSharp.Compiler.Service (2.0.0.6)
    FSharp.Core (4.0.0.1)
    FSharp.Formatting (2.14.4)
      FSharp.Compiler.Service (2.0.0.6)
      FSharpVSPowerTools.Core (>= 2.3 < 2.4)
    FSharpVSPowerTools.Core (2.3)
      FSharp.Compiler.Service (>= 2.0.0.3)
    FSPowerPack.Community (3.0)
      FSPowerPack.Linq.Community
      FSPowerPack.Metadata.Community
      FSPowerPack.Parallel.Seq.Community
    FSPowerPack.Core.Community (3.0)
    FSPowerPack.Linq.Community (3.0)
      FSPowerPack.Core.Community
    FSPowerPack.Metadata.Community (3.0)
      FSPowerPack.Core.Community
    FSPowerPack.Parallel.Seq.Community (3.0)
      FSPowerPack.Core.Community
    FsUnit (1.4.1)
      FSharp.Core (>= 3.1.2.5)
      NUnit (2.6.4)
    Informedica.GenUtils.Lib (0.4.1-beta)
      FSPowerPack.Community
    Newtonsoft.Json (8.0.3)
    NUnit (2.6.4)
    NUnit.Runners (2.6.4)
    Octokit (0.19)
    SourceLink.Fake (1.1)
    Unquote (3.1.1)
GITHUB
  remote: fsharp/FAKE
  specs:
    modules/Octokit/Octokit.fsx (60acb2f035cb39f2bd40a6c58a4de10d915da248)
      Octokit
  remote: halcwb/GenBuild
  specs:
    scripts/appveyor.fsx (4dcfb50bb06f1961737ead5b5670e2116621adaa)
    scripts/targets.fsx (4dcfb50bb06f1961737ead5b5670e2116621adaa)
    scripts/travis.fsx (4dcfb50bb06f1961737ead5b5670e2116621adaa)